PATH
  remote: .
  specs:
    kramdown-parser-gfm-extractions (1.0.0)
      kramdown (~> 2.0)
      kramdown-parser-gfm (~> 1.0)

GEM
  remote: https://rubygems.org/
  specs:
    kramdown (2.3.0)
      rexml
    kramdown-parser-gfm (1.1.0)
      kramdown (~> 2.0)
    minitest (5.14.4)
    rake (13.0.3)
    rexml (3.2.4)
    rouge (3.26.0)

PLATFORMS
  ruby

DEPENDENCIES
  kramdown-parser-gfm-extractions!
  minitest
  rake (~> 13.0)
  rouge

BUNDLED WITH
   2.1.4
